GEM
  remote: http://rubygems.org/
  specs:
    bubble-wrap (1.0.0)
    rake (0.9.2.2)

PLATFORMS
  ruby

DEPENDENCIES
  bubble-wrap (~> 1.0.0)
  rake
